GEM
  remote: https://rubygems.org/
  specs:
    coderay (1.1.3)
    method_source (1.0.0)
    nokogiri (1.14.2-arm64-darwin)
      racc (~> 1.4)
    polylines (0.1.1)
    pry (0.13.1)
      coderay (~> 1.1)
      method_source (~> 1.0)
    racc (1.6.2)

PLATFORMS
  arm64-darwin-21

DEPENDENCIES
  nokogiri (~> 1.8)
  polylines (~> 0.1.1)
  pry (~> 0.13.1)

BUNDLED WITH
   2.4.7
